GIT
  remote: https://github.com/tommeier/database_cleaner
  revision: b0c666e1f0c3d05bd0c219558c72a82db55ce9e2
  ref: b0c666e
  specs:
    database_cleaner (1.1.1)

GEM
  remote: http://rubygems.org/
  specs:
    actionmailer (4.1.0.rc2)
      actionpack (= 4.1.0.rc2)
      actionview (= 4.1.0.rc2)
      mail (~> 2.5.4)
    actionpack (4.1.0.rc2)
      actionview (= 4.1.0.rc2)
      activesupport (= 4.1.0.rc2)
      rack (~> 1.5.2)
      rack-test (~> 0.6.2)
    actionview (4.1.0.rc2)
      activesupport (= 4.1.0.rc2)
      builder (~> 3.1)
      erubis (~> 2.7.0)
    activemodel (4.1.0.rc2)
      activesupport (= 4.1.0.rc2)
      builder (~> 3.1)
    activerecord (4.1.0.rc2)
      activemodel (= 4.1.0.rc2)
      activesupport (= 4.1.0.rc2)
      arel (~> 5.0.0)
    activerecord-jdbc-adapter (1.3.5)
      activerecord (>= 2.2)
    activerecord-jdbcmysql-adapter (1.3.5)
      activerecord-jdbc-adapter (~> 1.3.5)
      jdbc-mysql (>= 5.1.22)
    activerecord-jdbcpostgresql-adapter (1.3.5)
      activerecord-jdbc-adapter (~> 1.3.5)
      jdbc-postgres (>= 9.1)
    activerecord-jdbcsqlite3-adapter (1.3.5)
      activerecord-jdbc-adapter (~> 1.3.5)
      jdbc-sqlite3 (~> 3.7.2)
    activesupport (4.1.0.rc2)
      i18n (~> 0.6, >= 0.6.9)
      json (~> 1.7, >= 1.7.7)
      minitest (~> 5.1)
      thread_safe (~> 0.1)
      tzinfo (~> 1.1)
    addressable (2.3.5)
    airbrake (3.1.15)
      builder
      multi_json
    akami (1.2.0)
      gyoku (>= 0.4.0)
      nokogiri (>= 1.4.0)
    annotate (2.6.1)
      activerecord (>= 2.3.0)
      rake (>= 0.8.7)
    arel (5.0.0)
    atomic (1.1.16)
    atomic (1.1.16-java)
    better_errors (1.1.0)
      coderay (>= 1.0.0)
      erubis (>= 2.6.6)
    binding_of_caller (0.7.2)
      debug_inspector (>= 0.0.1)
    builder (3.2.2)
    cancan (1.6.10)
    capistrano (2.15.5)
      highline
      net-scp (>= 1.0.0)
      net-sftp (>= 2.0.0)
      net-ssh (>= 2.0.14)
      net-ssh-gateway (>= 1.1.0)
    capybara (2.0.3)
      mime-types (>= 1.16)
      nokogiri (>= 1.3.3)
      rack (>= 1.0.0)
      rack-test (>= 0.5.4)
      selenium-webdriver (~> 2.0)
      xpath (~> 1.0.0)
    celluloid (0.15.2)
      timers (~> 1.1.0)
    childprocess (0.3.9)
      ffi (~> 1.0, >= 1.0.11)
    chronic (0.10.2)
    coderay (1.1.0)
    coffee-rails (4.0.1)
      coffee-script (>= 2.2.0)
      railties (>= 4.0.0, < 5.0)
    coffee-script (2.2.0)
      coffee-script-source
      execjs
    coffee-script-source (1.6.3)
    columnize (0.3.6)
    connection_pool (1.2.0)
    coveralls (0.7.0)
      multi_json (~> 1.3)
      rest-client
      simplecov (>= 0.7)
      term-ansicolor
      thor
    crack (0.4.1)
      safe_yaml (~> 0.9.0)
    debug_inspector (0.0.2)
    debugger (1.6.5)
      columnize (>= 0.3.1)
      debugger-linecache (~> 1.2.0)
      debugger-ruby_core_source (~> 1.3.1)
    debugger-linecache (1.2.0)
    debugger-ruby_core_source (1.3.1)
    diff-lcs (1.2.5)
    docile (1.1.2)
    draper (1.3.0)
      actionpack (>= 3.0)
      activemodel (>= 3.0)
      activesupport (>= 3.0)
      request_store (~> 1.0.3)
    erubis (2.7.0)
    ethon (0.6.2)
      ffi (>= 1.3.0)
      mime-types (~> 1.18)
    eventmachine (1.0.3)
    eventmachine (1.0.3-java)
    execjs (2.0.2)
    ezcrypto (0.7.2)
    factory_girl (4.3.0)
      activesupport (>= 3.0.0)
    factory_girl_rails (4.3.0)
      factory_girl (~> 4.3.0)
      railties (>= 3.0.0)
    faraday (0.9.0)
      multipart-post (>= 1.2, < 3)
    faye-websocket (0.4.7)
      eventmachine (>= 0.12.0)
    faye-websocket (0.4.7-java)
      eventmachine (>= 0.12.0)
    ffi (1.9.3)
    ffi (1.9.3-java)
    flog (4.2.0)
      ruby_parser (~> 3.1, > 3.1.0)
      sexp_processor (~> 4.4)
    gabba (1.0.1)
    gyoku (1.1.1)
      builder (>= 2.1.2)
    hashie (2.0.5)
    highline (1.6.20)
    hike (1.2.3)
    htmlentities (4.3.1)
    http_parser.rb (0.5.3)
    http_parser.rb (0.5.3-java)
    httpi (2.1.0)
      rack
      rubyntlm (~> 0.3.2)
    i18n (0.6.9)
    jdbc-mysql (5.1.28)
    jdbc-postgres (9.3.1100)
    jdbc-sqlite3 (3.7.2.1)
    jquery-rails (3.0.4)
      railties (>= 3.0, < 5.0)
      thor (>= 0.14, < 2.0)
    json (1.8.1)
    json (1.8.1-java)
    jwt (0.1.10)
      multi_json (>= 1.5)
    kaminari (0.15.1)
      actionpack (>= 3.0.0)
      activesupport (>= 3.0.0)
    launchy (2.4.2)
      addressable (~> 2.3)
    launchy (2.4.2-java)
      addressable (~> 2.3)
      spoon (~> 0.0.1)
    libv8 (3.11.8.17)
    mail (2.5.4)
      mime-types (~> 1.16)
      treetop (~> 1.4.8)
    mime-types (1.25.1)
    mini_portile (0.5.2)
    minitest (5.3.2)
    multi_json (1.9.2)
    multi_xml (0.5.5)
    multipart-post (2.0.0)
    mxit_api (0.2.3.pre)
      activesupport (>= 3.0.0)
      i18n (>= 0.5.0)
    mysql2 (0.3.14)
    nest (1.1.2)
      redis
    net-scp (1.1.2)
      net-ssh (>= 2.6.5)
    net-sftp (2.1.2)
      net-ssh (>= 2.6.5)
    net-ssh (2.7.0)
    net-ssh-gateway (1.2.0)
      net-ssh (>= 2.6.5)
    newrelic_rpm (3.7.1.182)
    nokogiri (1.6.1)
      mini_portile (~> 0.5.0)
    nokogiri (1.6.1-java)
      mini_portile (~> 0.5.0)
    nori (2.3.0)
    oauth (0.4.7)
    oauth2 (0.9.3)
      faraday (>= 0.8, < 0.10)
      jwt (~> 0.1.8)
      multi_json (~> 1.3)
      multi_xml (~> 0.5)
      rack (~> 1.2)
    ohm (1.3.2)
      nest (~> 1.0)
      redis
      scrivener (~> 0.0.3)
    ohm-contrib (1.2)
      ohm (~> 1.2)
    omniauth (1.2.1)
      hashie (>= 1.2, < 3)
      rack (~> 1.0)
    omniauth-facebook (1.6.0)
      omniauth-oauth2 (~> 1.1)
    omniauth-oauth2 (1.1.2)
      faraday (>= 0.8, < 0.10)
      multi_json (~> 1.3)
      oauth2 (~> 0.9.3)
      omniauth (~> 1.2)
    pg (0.17.1)
    poltergeist (1.1.2)
      capybara (~> 2.0.1)
      faye-websocket (~> 0.4.4)
      http_parser.rb (~> 0.5.3)
    polyglot (0.3.4)
    puma (2.7.1)
      rack (>= 1.1, < 2.0)
    puma (2.7.1-java)
      rack (>= 1.1, < 2.0)
    quiet_assets (1.0.2)
      railties (>= 3.1, < 5.0)
    rack (1.5.2)
    rack-protection (1.5.2)
      rack
    rack-test (0.6.2)
      rack (>= 1.0)
    rails (4.1.0.rc2)
      actionmailer (= 4.1.0.rc2)
      actionpack (= 4.1.0.rc2)
      actionview (= 4.1.0.rc2)
      activemodel (= 4.1.0.rc2)
      activerecord (= 4.1.0.rc2)
      activesupport (= 4.1.0.rc2)
      bundler (>= 1.3.0, < 2.0)
      railties (= 4.1.0.rc2)
      sprockets-rails (~> 2.0.0)
    railties (4.1.0.rc2)
      actionpack (= 4.1.0.rc2)
      activesupport (= 4.1.0.rc2)
      rake (>= 0.8.7)
      thor (>= 0.18.1, < 2.0)
    rake (10.2.2)
    redis (3.0.6)
    redis-namespace (1.4.1)
      redis (~> 3.0.4)
    ref (1.0.5)
    request_store (1.0.5)
    rest-client (1.6.7)
      mime-types (>= 1.16)
    rspec-core (2.14.8)
    rspec-expectations (2.14.5)
      diff-lcs (>= 1.1.3, < 2.0)
    rspec-mocks (2.14.6)
    rspec-rails (2.14.2)
      actionpack (>= 3.0)
      activemodel (>= 3.0)
      activesupport (>= 3.0)
      railties (>= 3.0)
      rspec-core (~> 2.14.0)
      rspec-expectations (~> 2.14.0)
      rspec-mocks (~> 2.14.0)
    ruby_parser (3.3.0)
      sexp_processor (~> 4.1)
    rubyntlm (0.3.4)
    rubyzip (1.1.0)
    rvm-capistrano (1.5.1)
      capistrano (~> 2.15.4)
    safe_yaml (0.9.7)
    savon (2.3.3)
      akami (~> 1.2.0)
      builder (>= 2.1.2)
      gyoku (~> 1.1.0)
      httpi (~> 2.1.0)
      nokogiri (>= 1.4.0)
      nori (~> 2.3.0)
      wasabi (~> 3.2.2)
    scrivener (0.0.3)
    selenium-webdriver (2.39.0)
      childprocess (>= 0.2.5)
      multi_json (~> 1.0)
      rubyzip (~> 1.0)
      websocket (~> 1.0.4)
    sexp_processor (4.4.1)
    sidekiq (2.17.3)
      celluloid (>= 0.15.2)
      connection_pool (>= 1.0.0)
      json
      redis (>= 3.0.6)
      redis-namespace (>= 1.3.1)
    simplecov (0.8.2)
      docile (~> 1.1.0)
      multi_json
      simplecov-html (~> 0.8.0)
    simplecov-html (0.8.0)
    simplecov-rcov (0.2.3)
      simplecov (>= 0.4.1)
    sinatra (1.4.4)
      rack (~> 1.4)
      rack-protection (~> 1.4)
      tilt (~> 1.3, >= 1.3.4)
    slim (2.0.2)
      temple (~> 0.6.6)
      tilt (>= 1.3.3, < 2.1)
    spoon (0.0.4)
      ffi
    sprockets (2.12.0)
      hike (~> 1.2)
      multi_json (~> 1.0)
      rack (~> 1.0)
      tilt (~> 1.1, != 1.3.0)
    sprockets-rails (2.0.1)
      actionpack (>= 3.0)
      activesupport (>= 3.0)
      sprockets (~> 2.8)
    sqlite3 (1.3.8)
    temple (0.6.7)
    term-ansicolor (1.2.2)
      tins (~> 0.8)
    test_after_commit (0.2.2)
    therubyracer (0.11.4)
      libv8 (~> 3.11.8.12)
      ref
    therubyrhino (2.0.2)
      therubyrhino_jar (>= 1.7.3)
    therubyrhino_jar (1.7.4)
    thor (0.19.1)
    thread_safe (0.3.1)
      atomic (>= 1.1.7, < 2)
    thread_safe (0.3.1-java)
      atomic (>= 1.1.7, < 2)
    tilt (1.4.1)
    timecop (0.7.1)
    timers (1.1.0)
    tins (0.13.1)
    treetop (1.4.15)
      polyglot
      polyglot (>= 0.3.1)
    typhoeus (0.6.7)
      ethon (~> 0.6.2)
    tzinfo (1.1.0)
      thread_safe (~> 0.1)
    uglifier (2.4.0)
      execjs (>= 0.3.0)
      json (>= 1.8.0)
    uservoice-ruby (0.0.11)
      ezcrypto (>= 0.7.2)
      json (>= 1.7.5)
      oauth (>= 0.4.7)
    vcr (2.8.0)
    wasabi (3.2.3)
      httpi (~> 2.0)
      mime-types (< 2.0.0)
      nokogiri (>= 1.4.0)
    webmock (1.17.0)
      addressable (>= 2.2.7)
      crack (>= 0.3.2)
    websocket (1.0.7)
    whenever (0.9.0)
      activesupport (>= 2.3.4)
      chronic (>= 0.6.3)
    wiselinks (1.1.4)
    wordnik (4.12)
      activemodel (>= 3.0.3)
      addressable (>= 2.2.4)
      htmlentities (>= 4.2.4)
      json (>= 1.4.6)
      nokogiri (>= 1.4.4)
      typhoeus (>= 0.2.1)
    xpath (1.0.0)
      nokogiri (~> 1.3)

PLATFORMS
  java
  ruby

DEPENDENCIES
  activerecord-jdbcmysql-adapter (>= 1.3.0)
  activerecord-jdbcpostgresql-adapter (>= 1.3.0)
  activerecord-jdbcsqlite3-adapter (>= 1.3.0)
  airbrake
  annotate
  better_errors
  binding_of_caller
  cancan
  capistrano
  capybara (~> 2.0.0)
  coffee-rails (~> 4.0.0)
  coveralls
  database_cleaner (~> 1.1.1)!
  debugger
  draper
  factory_girl_rails
  flog
  gabba
  jdbc-mysql
  jquery-rails
  kaminari
  launchy
  libv8 (~> 3.11.8)
  mxit_api (>= 0.2.2.pre)
  mysql2
  newrelic_rpm
  ohm
  ohm-contrib
  omniauth
  omniauth-facebook
  pg
  poltergeist
  puma
  quiet_assets
  rails (~> 4.1.0.rc2)
  rspec-rails (~> 2.13)
  rvm-capistrano
  savon
  selenium-webdriver
  sidekiq
  simplecov
  simplecov-rcov
  sinatra (>= 1.3.0)
  slim
  sqlite3
  test_after_commit
  therubyracer
  therubyrhino
  timecop
  uglifier (>= 1.3.0)
  uservoice-ruby
  vcr
  webmock
  whenever
  wiselinks
  wordnik
